GIT
  remote: git://github.com/adhearsion/adhearsion.git
  revision: 9a0fc38195aac8ee8bbfd6d1c0283981e44cbe63
  branch: develop
  specs:
    adhearsion (2.0.1)
      activesupport (>= 3.0.10)
      adhearsion-loquacious (>= 1.9.0)
      bundler (~> 1.0)
      celluloid (>= 0.10.0)
      countdownlatch
      deep_merge
      ffi (>= 1.0.11)
      future-resource (~> 1.0)
      girl_friday
      has-guarded-handlers (~> 1.1)
      logging (>= 1.6.1)
      pry
      punchblock (~> 1.2)
      rake
      ruby_speech (~> 1.0)
      thor
      uuid

GIT
  remote: git://github.com/adhearsion/has-guarded-handlers.git
  revision: 8d4d479b8e306ee23828bc1aefa1c09a4028c87e
  branch: develop
  specs:
    has-guarded-handlers (1.3.0)

GIT
  remote: git://github.com/adhearsion/punchblock.git
  revision: 5f474c68c9aef199c6ebc57cea3d0281ea0f1525
  branch: develop
  specs:
    punchblock (1.2.0)
      activesupport (~> 3.0)
      blather (>= 0.7.0)
      celluloid (>= 0.10.0)
      future-resource (~> 1.0)
      has-guarded-handlers (~> 1.0)
      niceogiri (~> 1.0)
      ruby_ami (~> 1.0)
      ruby_speech (~> 1.0)
      state_machine (~> 1.0)

GIT
  remote: git://github.com/benlangfeld/niceogiri.git
  revision: b9f2fa0b429a3f67c564750ef55ce6d34f767ea9
  specs:
    niceogiri (1.0.2)
      nokogiri (~> 1.5)

GEM
  remote: http://rubygems.org/
  specs:
    activesupport (3.2.6)
      i18n (~> 0.6)
      multi_json (~> 1.0)
    adhearsion-asterisk (1.2.1)
      activesupport (>= 3.0.10)
      adhearsion (~> 2.0)
    adhearsion-loquacious (1.9.3)
    blather (0.8.0)
      activesupport (>= 2.3.11)
      eventmachine (>= 0.12.6)
      girl_friday
      niceogiri (~> 1.0)
      nokogiri (~> 1.5.5)
    celluloid (0.11.0)
    celluloid-io (0.11.0)
      celluloid (~> 0.11.0)
      nio4r (>= 0.4.0)
    coderay (1.0.7)
    connection_pool (0.1.0)
    countdownlatch (1.0.0)
    deep_merge (1.0.0)
    eventmachine (1.0.0.beta.4)
    eventmachine (1.0.0.beta.4-java)
    ffi (1.0.11)
    ffi (1.0.11-java)
    future-resource (1.0.0)
    girl_friday (0.9.7)
      connection_pool (~> 0.1.0)
    i18n (0.6.0)
    little-plugger (1.1.3)
    logging (1.7.2)
      little-plugger (>= 1.1.3)
    macaddr (1.6.1)
      systemu (~> 2.5.0)
    method_source (0.7.1)
    multi_json (1.3.6)
    nio4r (0.4.0)
    nio4r (0.4.0-java)
    nokogiri (1.5.6.rc1)
    nokogiri (1.5.6.rc1-java)
    pry (0.9.9.6)
      coderay (~> 1.0.5)
      method_source (~> 0.7.1)
      slop (>= 2.4.4, < 3)
    pry (0.9.9.6-java)
      coderay (~> 1.0.5)
      method_source (~> 0.7.1)
      slop (>= 2.4.4, < 3)
      spoon (~> 0.0)
    rake (0.9.2.2)
    ruby_ami (1.1.2)
      celluloid-io (~> 0.11.0)
      countdownlatch (~> 1.0)
      future-resource
      girl_friday
      uuidtools
    ruby_speech (1.0.0)
      activesupport (>= 3.0.7)
      niceogiri (~> 1.0)
    slop (2.4.4)
    spoon (0.0.1)
    state_machine (1.1.2)
    systemu (2.5.1)
    thor (0.15.4)
    uuid (2.3.5)
      macaddr (~> 1.0)
    uuidtools (2.1.2)

PLATFORMS
  java
  ruby

DEPENDENCIES
  adhearsion!
  adhearsion-asterisk
  eventmachine (= 1.0.0.beta.4)
  has-guarded-handlers!
  niceogiri!
  nokogiri (>= 1.5.6.rc1)
  punchblock!
